GEM
  remote: https://rubygems.org/
  specs:
    icalendar (2.4.0)
    ruby-ole (1.2.12)
    spreadsheet (1.1.3)
      ruby-ole (>= 1.0)

PLATFORMS
  ruby

DEPENDENCIES
  icalendar
  spreadsheet

BUNDLED WITH
   1.12.5
